PATH
  remote: .
  specs:
    bury (1.0.0)

GEM
  remote: https://rubygems.org/
  specs:
    minitest (5.15.0)
    minitest-power_assert (0.3.1)
      minitest
      power_assert (>= 1.1)
    power_assert (2.0.1)
    rake (12.3.3)

PLATFORMS
  ruby

DEPENDENCIES
  bury!
  minitest (~> 5.0)
  minitest-power_assert (~> 0.3)
  rake (~> 12.0)

BUNDLED WITH
   2.3.5
