PATH
  remote: .
  specs:
    bury (1.0.0)

GEM
  remote: https://rubygems.org/
  specs:
    minitest (5.15.0)
    rake (12.3.3)

PLATFORMS
  ruby

DEPENDENCIES
  bury!
  minitest (~> 5.0)
  rake (~> 12.0)

BUNDLED WITH
   2.3.5
